GEM
  remote: https://rubygems.org/
  specs:
    haml (4.0.7)
      tilt
    hashie (3.4.3)
    json (1.8.3)
    oj (2.15.0)
    rack (1.6.4)
    rack-protection (1.5.3)
      rack
    rethinkdb (2.3.0.0)
      json
    roda (2.14.0)
      rack
    sinatra (1.4.7)
      rack (~> 1.5)
      rack-protection (~> 1.4)
      tilt (>= 1.3, < 3)
    tilt (2.0.4)

PLATFORMS
  ruby

DEPENDENCIES
  haml
  hashie
  oj
  rethinkdb
  roda
  sinatra

BUNDLED WITH
   1.11.2
